GEM
  remote: http://rubygems.org/
  specs:
    diff-lcs (1.1.3)
    fakefs (0.4.0)
    multi_json (1.0.3)
    rcov (0.9.11)
    rspec (2.7.0)
      rspec-core (~> 2.7.0)
      rspec-expectations (~> 2.7.0)
      rspec-mocks (~> 2.7.0)
    rspec-core (2.7.1)
    rspec-expectations (2.7.0)
      diff-lcs (~> 1.1.2)
    rspec-mocks (2.7.0)
    simplecov (0.5.4)
      multi_json (~> 1.0.3)
      simplecov-html (~> 0.5.3)
    simplecov-html (0.5.3)
    trollop (1.16.2)

PLATFORMS
  ruby

DEPENDENCIES
  fakefs
  rcov
  rspec
  simplecov
  trollop
